GEM
  remote: https://rubygems.org/
  specs:
    cap-deploy-tagger (0.0.2)
    capistrano (3.2.1)
      i18n
      rake (>= 10.0.0)
      sshkit (~> 1.3)
    chunky_png (1.3.1)
    colorize (0.7.3)
    compass (1.0.0.alpha.21)
      chunky_png (~> 1.2)
      compass-core (~> 1.0.0.alpha.21)
      compass-import-once (~> 1.0.4)
      rb-fsevent (>= 0.9.3)
      rb-inotify (>= 0.9)
      sass (>= 3.3.0, < 3.5)
    compass-core (1.0.0.alpha.21)
      multi_json (~> 1.0)
      sass (>= 3.3.0, < 3.5)
    compass-import-once (1.0.4)
      sass (>= 3.2, < 3.5)
    dogapi (1.11.0)
      json (>= 1.5.1)
    ffi (1.9.3)
    i18n (0.6.11)
    json (1.8.1)
    multi_json (1.10.1)
    net-scp (1.2.1)
      net-ssh (>= 2.6.5)
    net-ssh (2.9.1)
    rake (10.3.2)
    rb-fsevent (0.9.4)
    rb-inotify (0.9.5)
      ffi (>= 0.5.0)
    sass (3.3.10)
    sshkit (1.5.1)
      colorize
      net-scp (>= 1.1.2)
      net-ssh (>= 2.8.0)

PLATFORMS
  ruby

DEPENDENCIES
  cap-deploy-tagger (~> 0.0.2)
  capistrano (~> 3.0)
  compass (~> 1.0.0.alpha.18)
  dogapi (>= 1.3.0)
